PATH
  remote: .
  specs:
    tritium (1.5)
      beefcake
      bundler
      nokogiri

GEM
  remote: http://rubygems.org/
  remote: http://gems.moovweb.org/
  specs:
    beefcake (0.3.7)
    diff-lcs (1.1.3)
    erubis (2.7.0)
    moov_build_tasks (0.2.24)
      bundler
      rake
    nagual (0.4)
      erubis
      tritium (>= 1.3)
    nokogiri (1.5.0)
    rainbow (1.1.1)
    rake (0.9.2.2)

PLATFORMS
  ruby

DEPENDENCIES
  beefcake
  diff-lcs (~> 1.1.2)
  erubis
  moov_build_tasks (~> 0.2.24)
  nagual
  rainbow
  rake (= 0.9.2.2)
  tritium!
